PATH
  remote: .
  specs:
    wobbly (1.0.4)

GEM
  remote: https://rubygems.org/
  specs:
    minitest (5.25.1)
    rake (13.2.1)

PLATFORMS
  arm64-darwin-24
  ruby

DEPENDENCIES
  minitest (~> 5.25)
  rake (~> 13.2.1)
  wobbly!

BUNDLED WITH
   2.5.22
